GEM
  remote: https://rubygems.org/
  specs:
    ProMotion (2.2.1)
      methadone (~> 1.7)
    addressable (2.3.7)
    awesome_print_motion (0.1.0)
    bcrypt (3.1.10)
    bcrypt-ruby (3.1.5)
      bcrypt (>= 3.1.3)
    bubble-wrap (1.7.1)
      bubble-wrap-http (= 1.7.1)
    bubble-wrap-http (1.7.1)
    buftok (0.2.0)
    choice (0.1.7)
    equalizer (0.0.9)
    faraday (0.9.1)
      multipart-post (>= 1.2, < 3)
    formotion (1.8)
      bubble-wrap (>= 1.4.0)
      motion-require (>= 0.1.0)
    git (1.2.9.1)
    httmultiparty (0.3.16)
      httparty (>= 0.7.3)
      mimemagic
      multipart-post
    http (0.6.3)
      http_parser.rb (~> 0.6.0)
    http_parser.rb (0.6.0)
    httparty (0.11.0)
      multi_json (~> 1.0)
      multi_xml (>= 0.5.2)
    json (1.8.2)
    launchy (2.4.3)
      addressable (~> 2.3)
    lolcommits (0.5.7)
      choice (~> 0.1.6)
      git (~> 1.2.8)
      httmultiparty (~> 0.3.16)
      httparty (~> 0.11.0)
      json (~> 1.8.1)
      launchy (~> 2.4.3)
      methadone (~> 1.8.0)
      mime-types (~> 1.25)
      mini_magick (~> 3.8.1)
      oauth (~> 0.4.7)
      open4 (~> 1.3.4)
      rest-client (~> 1.6.7)
      twitter (~> 5.13.0)
      yam (~> 2.4.0)
    memoizable (0.4.2)
      thread_safe (~> 0.3, >= 0.3.1)
    methadone (1.8.0)
      bundler
    mime-types (1.25.1)
    mimemagic (0.2.1)
    mini_magick (3.8.1)
      subexec (~> 0.2.1)
    motion-map (0.0.4)
    motion-redgreen (1.0.0)
    motion-require (0.2.0)
    multi_json (1.11.0)
    multi_xml (0.5.5)
    multipart-post (2.0.0)
    naught (1.0.0)
    oauth (0.4.7)
    oauth2-client (2.0.0)
      addressable (~> 2.3)
      bcrypt-ruby (~> 3.0)
    oj (2.11.5)
    open4 (1.3.4)
    rake (10.4.2)
    rdoc (4.2.0)
    rest-client (1.6.8)
      mime-types (~> 1.16)
      rdoc (>= 2.4.2)
    simple_oauth (0.3.1)
    subexec (0.2.3)
    sugarcube (3.3.2)
    teacup (3.0.1)
    thread_safe (0.3.4)
    twitter (5.13.0)
      addressable (~> 2.3)
      buftok (~> 0.2.0)
      equalizer (~> 0.0.9)
      faraday (~> 0.9.0)
      http (~> 0.6.0)
      http_parser.rb (~> 0.6.0)
      json (~> 1.8)
      memoizable (~> 0.4.0)
      naught (~> 1.0)
      simple_oauth (~> 0.3.0)
    yam (2.4.1)
      addressable (~> 2.3)
      multi_json (~> 1.10)
      oauth2-client (~> 2.0)
      oj (~> 2.0)
      rest-client (~> 1.6)

PLATFORMS
  ruby

DEPENDENCIES
  ProMotion
  awesome_print_motion
  bubble-wrap
  formotion
  lolcommits
  motion-map
  motion-redgreen
  rake
  sugarcube
  teacup
