GEM
  remote: https://rubygems.org/
  specs:
    ProMotion (0.7.6)
    awesome_print_motion (0.1.0)
    bubble-wrap (1.3.0)
    sugarcube (1.0.6)
    teacup (2.0.2)

PLATFORMS
  ruby

DEPENDENCIES
  ProMotion
  awesome_print_motion
  bubble-wrap
  sugarcube
  teacup
